GEM
  remote: https://rubygems.org/
  specs:
    diff-lcs (1.1.3)
    nyan-cat-formatter (0.2.0)
    rspec (2.12.0)
      rspec-core (~> 2.12.0)
      rspec-expectations (~> 2.12.0)
      rspec-mocks (~> 2.12.0)
    rspec-core (2.12.2)
    rspec-expectations (2.12.1)
      diff-lcs (~> 1.1.3)
    rspec-mocks (2.12.1)
    unicorn-formatter (0.1.3)
      rspec

PLATFORMS
  ruby

DEPENDENCIES
  nyan-cat-formatter
  rspec
  unicorn-formatter
